PATH
  remote: .
  specs:
    cleanrpc (0.1.0)

GEM
  remote: https://rubygems.org/
  specs:
    rake (13.1.0)

PLATFORMS
  x86_64-darwin-20

DEPENDENCIES
  cleanrpc!
  rake (~> 13.0)

BUNDLED WITH
   2.3.7
